ObjectType = Image
NDims = 3
BinaryData = True
DimSize = 100 100 100
ElementSize = 1.000000 1.000000 1.000000
ElementType = MET_UCHAR
ElementByteOrderMSB = False
ElementDataFile = 16_sample_img.raw
